GEM
  remote: https://rubygems.org/
  specs:
    curb (1.0.9)

PLATFORMS
  x86_64-linux

DEPENDENCIES
  curb

RUBY VERSION
   ruby 3.4.2p28

BUNDLED WITH
   2.3.27
